GEM
  remote: https://rubygems.org/
  specs:
    bcrypt-ruby (3.1.2)
    rack (1.5.2)
    rack-protection (1.5.1)
      rack
    sinatra (1.4.4)
      rack (~> 1.4)
      rack-protection (~> 1.4)
      tilt (~> 1.3, >= 1.3.4)
    sqlite3 (1.3.8)
    tilt (1.4.1)

PLATFORMS
  ruby

DEPENDENCIES
  bcrypt-ruby
  sinatra
  sqlite3
